PATH
  remote: .
  specs:
    asciidoc-merger (0.1)

GEM
  remote: http://rubygems.org/
  specs:
    rake (10.1.0)

PLATFORMS
  ruby

DEPENDENCIES
  asciidoc-merger!
  rake
